PATH
  remote: .
  specs:
    manacle (0.1.1)
      punchout

GEM
  remote: https://rubygems.org/
  specs:
    activesupport (4.0.1)
      i18n (~> 0.6, >= 0.6.4)
      minitest (~> 4.2)
      multi_json (~> 1.3)
      thread_safe (~> 0.1)
      tzinfo (~> 0.3.37)
    atomic (1.1.14)
    coveralls (0.7.0)
      multi_json (~> 1.3)
      rest-client
      simplecov (>= 0.7)
      term-ansicolor
      thor
    docile (1.1.0)
    i18n (0.6.5)
    lockfile (2.1.0)
    metaclass (0.0.1)
    mime-types (2.0)
    minitest (4.7.5)
    mocha (0.14.0)
      metaclass (~> 0.0.1)
    multi_json (1.8.2)
    punchout (0.1.0)
    rake (10.1.0)
    rest-client (1.6.7)
      mime-types (>= 1.16)
    simplecov (0.8.1)
      docile (~> 1.1.0)
      lockfile (>= 2.1.0)
      multi_json
      simplecov-html (~> 0.8.0)
    simplecov-html (0.8.0)
    term-ansicolor (1.2.2)
      tins (~> 0.8)
    test-unit (2.5.5)
    thor (0.18.1)
    thread_safe (0.1.3)
      atomic
    tins (0.13.1)
    tzinfo (0.3.38)

PLATFORMS
  ruby

DEPENDENCIES
  activesupport
  coveralls
  manacle!
  mocha
  rake
  simplecov
  test-unit
